GEM
  remote: https://rubygems.org/
  specs:
    aws-sdk (2.4.3)
      aws-sdk-resources (= 2.4.3)
    aws-sdk-core (2.4.3)
      jmespath (~> 1.0)
    aws-sdk-resources (2.4.3)
      aws-sdk-core (= 2.4.3)
    byebug (9.0.5)
    colorize (0.8.1)
    haml (4.0.7)
      tilt
    jmespath (1.3.1)
    json (2.0.2)
    puma (3.6.0)
    rack (1.6.4)
    rack-json-logs (1.1)
      colorize
      json
      trollop
    rack-protection (1.5.3)
      rack
    redcarpet (3.3.4)
    redis (3.3.1)
    shotgun (0.9.1)
      rack (>= 1.0)
    sinatra (1.4.7)
      rack (~> 1.5)
      rack-protection (~> 1.4)
      tilt (>= 1.3, < 3)
    tilt (2.0.5)
    trollop (2.1.2)

PLATFORMS
  ruby

DEPENDENCIES
  aws-sdk (~> 2)
  byebug
  haml
  puma
  rack-json-logs
  redcarpet
  redis
  shotgun
  sinatra

BUNDLED WITH
   1.12.5
